GEM
  remote: http://rubygems.org/
  specs:
    RedCloth (4.2.9)
    haml (4.0.5)
      tilt
    haml-contrib (1.0.0.1)
      haml (>= 3.2.0.alpha.13)
    rack (1.5.2)
    rack-protection (1.5.2)
      rack
    redcarpet (2.1.1)
    sass (3.2.14)
    sinatra (1.4.4)
      rack (~> 1.4)
      rack-protection (~> 1.4)
      tilt (~> 1.3, >= 1.3.4)
    tilt (1.4.1)
    voidtools (0.2.9)

PLATFORMS
  ruby

DEPENDENCIES
  RedCloth
  haml
  haml-contrib
  redcarpet
  sass
  sinatra
  voidtools
