GEM
  remote: http://rubygems.org/
  specs:
    haml (4.0.5)
      tilt
    json (1.8.1)
    rack (1.5.2)
    rack-protection (1.5.2)
      rack
    redcarpet (2.1.1)
    sass (3.2.14)
    sinatra (1.4.4)
      rack (~> 1.4)
      rack-protection (~> 1.4)
      tilt (~> 1.3, >= 1.3.4)
    tilt (1.4.1)
    voidtools (0.2.9)

PLATFORMS
  ruby

DEPENDENCIES
  haml
  json
  redcarpet
  sass
  sinatra
  voidtools
